GEM
  remote: https://rubygems.org/
  specs:
    attic (0.5.3)
    celluloid (0.15.2)
      timers (~> 1.1.0)
    commonjs (0.2.7)
    digest-murmurhash (0.3.0)
      digest-stringbuffer (~> 0.0.2)
    digest-stringbuffer (0.0.2)
    execjs (2.2.0)
    ffi (1.9.3)
    gibbler (0.9.0)
    json (1.8.1)
    kgio (2.9.2)
    less (2.6.0)
      commonjs (~> 0.2.7)
    libv8 (3.16.14.3)
    listen (2.7.7)
      celluloid (>= 0.15.2)
      rb-fsevent (>= 0.9.3)
      rb-inotify (>= 0.9)
    newrelic_rpm (3.9.0.229)
    pg (0.17.1)
    rack (1.5.2)
    rack-protection (1.5.3)
      rack
    raindrops (0.13.0)
    rb-fsevent (0.9.4)
    rb-inotify (0.9.5)
      ffi (>= 0.5.0)
    ref (1.0.5)
    rerun (0.10.0)
      listen (~> 2.7, >= 2.7.3)
    sinatra (1.4.5)
      rack (~> 1.4)
      rack-protection (~> 1.4)
      tilt (~> 1.3, >= 1.3.4)
    therubyracer (0.12.1)
      libv8 (~> 3.16.14.0)
      ref
    tilt (1.4.1)
    timers (1.1.0)
    uglifier (2.5.1)
      execjs (>= 0.3.0)
      json (>= 1.8.0)
    unicorn (4.8.3)
      kgio (~> 2.6)
      rack
      raindrops (~> 0.7)

PLATFORMS
  ruby

DEPENDENCIES
  attic
  digest-murmurhash
  gibbler
  json
  less
  newrelic_rpm
  pg
  rerun
  sinatra
  therubyracer
  uglifier
  unicorn
